GIT
  remote: git://github.com/Shopify/active_shipping.git
  revision: 6be70c68574a9e420493ec628599da9cd9e84985
  specs:
    active_shipping (0.9.13)
      activesupport (>= 2.3.5)

GIT
  remote: git://github.com/baracek/spree-ckeditor.git
  revision: 713e5ed28498f56f9100b9d03b49eafd9d669fab
  specs:
    spree_ckeditor (0.60.1)
      spree_core (>= 0.60.1)

GIT
  remote: git://github.com/baracek/spree-enhanced-option-types.git
  revision: 5d4ca6ca0f1964dbc8eb3ae8c79506f6fd3eedea
  specs:
    spree_enhanced_option_types (0.60.1)
      spree_core (>= 0.60.1)

GIT
  remote: git://github.com/baracek/spree-print-invoice.git
  revision: 111d94bc80660cec85c8b27be84d5f8d39184634
  specs:
    spree_print_invoice (0.60.1)
      prawn (= 0.8.4)
      spree_core (>= 0.60.1)
      spree_print_settings (>= 0.60.1)

GIT
  remote: git://github.com/baracek/spree_elavon_gateway.git
  revision: 802ab1e3bf311003b9ec25abec9855b4e43df3a6
  specs:
    spree_elavon_gateway (0.50.0)
      spree_core (>= 0.50.0)

GIT
  remote: git://github.com/baracek/spree_functional_ergonomics.git
  revision: 4e3d64c87799fdd83c402909aab12603aea7624d
  specs:
    spree_functional_ergonomics (0.60.1)
      spree_core (>= 0.60.1)

GIT
  remote: git://github.com/baracek/spree_print_packingslip.git
  revision: c735138ce5657665ecf540d753dcc3d6809953f4
  specs:
    spree_print_packingslip (0.60.1)
      prawn (= 0.8.4)
      spree_core (>= 0.60.1)
      spree_print_settings (>= 0.60.1)

GIT
  remote: git://github.com/baracek/spree_print_quote.git
  revision: e39c408a25668a3bdc9c6e9715e21774e82cbf20
  specs:
    spree_print_quote (0.60.1)
      prawn (= 0.8.4)
      spree_core (>= 0.60.1)
      spree_print_settings (>= 0.60.1)

GIT
  remote: git://github.com/baracek/spree_print_settings.git
  revision: 2dabb7e73940e1fe1a74e39939d1b12abcc96a38
  specs:
    spree_print_settings (0.60.1)
      spree_core (>= 0.60.1)

GIT
  remote: git://github.com/minustehbare/spree-batch-products.git
  revision: 41882c6d7e5b3191dd0d2e9f14610ee11033161a
  branch: 0-60-stable
  specs:
    spree_batch_products (0.50.0)
      spreadsheet (>= 0.6.5.4)
      spree_core (>= 0.60.0)

GIT
  remote: git://github.com/rails/prototype_legacy_helper.git
  revision: a2cd95c3e3c1a4f7a9566efdab5ce59c886cb05f
  specs:
    prototype_legacy_helper (0.0.0)

GIT
  remote: git://github.com/spree/spree_active_shipping.git
  revision: c2533e0d608e3fca5fce68b7079310c09de208f2
  specs:
    spree_active_shipping (1.0.3)
      active_shipping (= 0.9.13)
      spree_core (>= 0.30.1)

GEM
  remote: http://rubygems.org/
  specs:
    abstract (1.0.0)
    actionmailer (3.0.9)
      actionpack (= 3.0.9)
      mail (~> 2.2.19)
    actionpack (3.0.9)
      activemodel (= 3.0.9)
      activesupport (= 3.0.9)
      builder (~> 2.1.2)
      erubis (~> 2.6.6)
      i18n (~> 0.5.0)
      rack (~> 1.2.1)
      rack-mount (~> 0.6.14)
      rack-test (~> 0.5.7)
      tzinfo (~> 0.3.23)
    activemerchant (1.15.0)
      activesupport (>= 2.3.8)
      braintree (>= 2.0.0)
      builder (>= 2.0.0)
    activemodel (3.0.9)
      activesupport (= 3.0.9)
      builder (~> 2.1.2)
      i18n (~> 0.5.0)
    activerecord (3.0.9)
      activemodel (= 3.0.9)
      activesupport (= 3.0.9)
      arel (~> 2.0.10)
      tzinfo (~> 0.3.23)
    activeresource (3.0.9)
      activemodel (= 3.0.9)
      activesupport (= 3.0.9)
    activesupport (3.0.9)
    acts_as_list (0.1.2)
    arel (2.0.10)
    bcrypt-ruby (2.1.4-x86-mingw32)
    braintree (2.10.1)
      builder (>= 2.0.0)
    builder (2.1.2)
    cancan (1.6.4)
    devise (1.3.3)
      bcrypt-ruby (~> 2.1.2)
      orm_adapter (~> 0.0.3)
      warden (~> 1.0.3)
    erubis (2.6.6)
      abstract (>= 1.0.0)
    faker (0.9.5)
      i18n (~> 0.4)
    highline (1.5.1)
    i18n (0.5.0)
    jquery-rails (0.2.6)
      rails (~> 3.0)
      thor (~> 0.14.4)
    mail (2.2.19)
      activesupport (>= 2.3.6)
      i18n (>= 0.4.0)
      mime-types (~> 1.16)
      treetop (~> 1.4.8)
    meta_search (1.0.5)
      actionpack (~> 3.0.2)
      activerecord (~> 3.0.2)
      activesupport (~> 3.0.2)
      arel (~> 2.0.2)
    mime-types (1.16)
    mysql (2.8.1-x86-mingw32)
    nested_set (1.6.6)
      activerecord (>= 3.0.0)
      railties (>= 3.0.0)
    orm_adapter (0.0.5)
    paperclip (2.3.11)
      activerecord (>= 2.3.0)
      activesupport (>= 2.3.2)
    polyglot (0.3.1)
    prawn (0.8.4)
      prawn-core (< 0.9, >= 0.8.4)
      prawn-layout (< 0.9, >= 0.8.4)
      prawn-security (< 0.9, >= 0.8.4)
    prawn-core (0.8.4)
    prawn-layout (0.8.4)
    prawn-security (0.8.4)
    rack (1.2.3)
    rack-mount (0.6.14)
      rack (>= 1.0.0)
    rack-test (0.5.7)
      rack (>= 1.0)
    rails (3.0.9)
      actionmailer (= 3.0.9)
      actionpack (= 3.0.9)
      activerecord (= 3.0.9)
      activeresource (= 3.0.9)
      activesupport (= 3.0.9)
      bundler (~> 1.0)
      railties (= 3.0.9)
    railties (3.0.9)
      actionpack (= 3.0.9)
      activesupport (= 3.0.9)
      rake (>= 0.8.7)
      rdoc (~> 3.4)
      thor (~> 0.14.4)
    rake (0.9.2)
    rd_find_by_param (0.1.1)
      activerecord (~> 3.0)
      activesupport (~> 3.0)
    rd_resource_controller (1.0.1)
    rd_unobtrusive_date_picker (0.1.0)
    rdoc (3.8)
    ruby-ole (1.2.11.1)
    spreadsheet (0.6.5.7)
      ruby-ole (>= 1.0)
    spree (0.60.1)
      spree_api (= 0.60.1)
      spree_auth (= 0.60.1)
      spree_core (= 0.60.1)
      spree_dash (= 0.60.1)
      spree_promo (= 0.60.1)
      spree_sample (= 0.60.1)
    spree_api (0.60.1)
      spree_auth (= 0.60.1)
      spree_core (= 0.60.1)
    spree_auth (0.60.1)
      cancan (= 1.6.4)
      devise (= 1.3.3)
      spree_core (= 0.60.1)
    spree_core (0.60.1)
      activemerchant (= 1.15.0)
      acts_as_list (= 0.1.2)
      faker (= 0.9.5)
      highline (= 1.5.1)
      jquery-rails (= 0.2.6)
      meta_search (= 1.0.5)
      nested_set (= 1.6.6)
      paperclip (= 2.3.11)
      rails (= 3.0.9)
      rd_find_by_param (= 0.1.1)
      rd_resource_controller
      rd_unobtrusive_date_picker (= 0.1.0)
      state_machine (= 0.9.4)
      stringex (= 1.0.3)
      will_paginate (= 3.0.pre2)
    spree_dash (0.60.1)
      spree_core (= 0.60.1)
    spree_promo (0.60.1)
      spree_core (= 0.60.1)
    spree_sample (0.60.1)
      spree_core (= 0.60.1)
    state_machine (0.9.4)
    stringex (1.0.3)
    thor (0.14.6)
    treetop (1.4.9)
      polyglot (>= 0.3.1)
    tzinfo (0.3.29)
    warden (1.0.4)
      rack (>= 1.0)
    will_paginate (3.0.pre2)

PLATFORMS
  x86-mingw32

DEPENDENCIES
  active_shipping!
  mysql
  prototype_legacy_helper (= 0.0.0)!
  rails (= 3.0.9)
  spreadsheet
  spree (= 0.60.1)
  spree_active_shipping!
  spree_batch_products (= 0.50.0)!
  spree_ckeditor!
  spree_elavon_gateway!
  spree_enhanced_option_types!
  spree_functional_ergonomics!
  spree_print_invoice!
  spree_print_packingslip!
  spree_print_quote!
  spree_print_settings!
